GEM
  remote: https://rubygems.org/
  specs:
    addressable (2.7.0)
      public_suffix (>= 2.0.2, < 5.0)
    down (5.2.0)
      addressable (~> 2.5)
    faraday (1.0.1)
      multipart-post (>= 1.2, < 3)
    faraday_middleware (1.0.0)
      faraday (~> 1.0)
    fileutils (1.4.1)
    json (2.3.1)
    multipart-post (2.1.1)
    public_suffix (4.0.6)
    securerandom (0.1.0)
    thor (1.0.1)

PLATFORMS
  ruby

DEPENDENCIES
  down (~> 5.2)
  faraday (~> 1.0)
  faraday_middleware (~> 1.0)
  fileutils (~> 1.4)
  json (~> 2.3)
  securerandom (~> 0.1.0)
  thor (~> 1.0)

BUNDLED WITH
   2.1.4
